PATH
  remote: .
  specs:
    Hitman (0.1.0)

GEM
  remote: https://rubygems.org/
  specs:
    activesupport (5.0.1)
      concurrent-ruby (~> 1.0, >= 1.0.2)
      i18n (~> 0.7)
      minitest (~> 5.1)
      tzinfo (~> 1.1)
    concurrent-ruby (1.0.4)
    configatron (4.5.0)
    diff-lcs (1.3)
    discordrb (3.1.1)
      activesupport
      opus-ruby
      rbnacl
      rest-client
      websocket-client-simple (>= 0.3.0)
    domain_name (0.5.20161129)
      unf (>= 0.0.5, < 1.0.0)
    event_emitter (0.2.5)
    ffi (1.9.17-x86-mingw32)
    http-cookie (1.0.3)
      domain_name (~> 0.5)
    i18n (0.7.0)
    mime-types (3.1)
      mime-types-data (~> 3.2015)
    mime-types-data (3.2016.0521)
    minitest (5.10.1)
    netrc (0.11.0)
    opus-ruby (1.0.1)
      ffi
    rake (10.5.0)
    rbnacl (4.0.1)
      ffi
    rest-client (2.0.0-x86-mingw32)
      ffi (~> 1.9)
      http-cookie (>= 1.0.2, < 2.0)
      mime-types (>= 1.16, < 4.0)
      netrc (~> 0.8)
    rspec (3.5.0)
      rspec-core (~> 3.5.0)
      rspec-expectations (~> 3.5.0)
      rspec-mocks (~> 3.5.0)
    rspec-core (3.5.4)
      rspec-support (~> 3.5.0)
    rspec-expectations (3.5.0)
      diff-lcs (>= 1.2.0, < 2.0)
      rspec-support (~> 3.5.0)
    rspec-mocks (3.5.0)
      diff-lcs (>= 1.2.0, < 2.0)
      rspec-support (~> 3.5.0)
    rspec-support (3.5.0)
    thread_safe (0.3.5)
    tsion-rbrainfuck (0.1.0)
    tzinfo (1.2.2)
      thread_safe (~> 0.1)
    unf (0.1.4)
      unf_ext
    unf_ext (0.0.7.2-x86-mingw32)
    websocket (1.2.3)
    websocket-client-simple (0.3.0)
      event_emitter
      websocket

PLATFORMS
  x86-mingw32

DEPENDENCIES
  Hitman!
  bundler (~> 1.14)
  concurrent-ruby
  configatron
  discordrb
  rake (~> 10.0)
  rspec (~> 3.0)
  tsion-rbrainfuck

BUNDLED WITH
   1.14.3
